GIT
  remote: https://github.com/rubymotion/BubbleWrap.git
  revision: b913ecd32b4103cd53cfe85565532424f74e391c
  specs:
    bubble-wrap (1.3.0)

GEM
  remote: https://rubygems.org/
  specs:
    ProMotion (0.7.8)
    activesupport (3.2.13)
      i18n (= 0.6.1)
      multi_json (~> 1.0)
    afmotion (0.6)
      motion-cocoapods (>= 1.2.1)
    awesome_print_motion (0.1.0)
    claide (0.3.2)
    cocoapods (0.22.2)
      activesupport (~> 3.2.13)
      claide (~> 0.3.2)
      cocoapods-core (= 0.22.2)
      cocoapods-downloader (~> 0.1.1)
      colored (~> 1.2)
      escape (~> 0.0.4)
      json (~> 1.8.0)
      open4 (~> 1.3.0)
      xcodeproj (~> 0.8.1)
    cocoapods-core (0.22.2)
      activesupport (~> 3.2.13)
      json (~> 1.8.0)
      nap (~> 0.5.1)
    cocoapods-downloader (0.1.1)
    colored (1.2)
    escape (0.0.4)
    formotion (1.3.1)
      bubble-wrap (>= 1.1.4)
      motion-require (~> 0.0.3)
    i18n (0.6.1)
    json (1.8.0)
    motion-cocoapods (1.3.5)
      cocoapods (>= 0.17.0)
    motion-require (0.0.7)
    motion-testflight (1.5)
    multi_json (1.7.7)
    nano-store (0.6.3)
      motion-cocoapods (>= 1.2.1)
    nap (0.5.1)
    open4 (1.3.0)
    rake (10.1.0)
    sugarcube (0.20.25)
    sweettea (0.5.6)
      rake
      sugarcube
      teacup
    teacup (2.1.1)
    xcodeproj (0.8.1)
      activesupport (~> 3.2.13)
      colored (~> 1.2)

PLATFORMS
  ruby

DEPENDENCIES
  ProMotion (= 0.7.8)
  afmotion
  awesome_print_motion
  bubble-wrap!
  formotion
  motion-cocoapods
  motion-testflight
  nano-store
  sugarcube
  sweettea
  teacup
